##TITLE= Parameter file, TOPSPIN
##JCAMPDX= 5.0
##DATATYPE= Parameter Values
##ORIGIN= NMR-EsPy
##OWNER= simonhulse
$$ 2025-09-02 14:35:49 -0500 simonhulse@dhcp-10-16-7-230
$$ /home/simonhulse/Documents/DPhil/cupid-data/code/strychnine/output/bruker/122/acqus
##$AQ_mod= 3
##$BF1= 499.8595977993542
##$BYTORDA= 0
##$DATE= 1756823749
##$DTYPA= 0
##$GRPDLY= 0
##$NC= -31
##$NUC1= <1H>
##$O1= 2500.0
##$PARMODE= 0
##$SFO1= 499.8620977993542
##$SW= 10.00275880490345
##$SW_h= 5000.0
##$TD= 16384
##END=
