##TITLE= Parameter file, TOPSPIN
##JCAMPDX= 5.0
##DATATYPE= Parameter Values
##ORIGIN= NMR-EsPy
##OWNER= simonhulse
$$ 2025-08-21 13:09:23 -0500 simonhulse@dhcp-10-16-7-230
$$ /home/simonhulse/Documents/DPhil/cupid-data/code/strychnine/output/bruker/115/pdata/1/proc
##$AXNUC= <1H>
##$BYTORDP= 0
##$DTYPP= 0
##$FTSIZE= 8192
##$NC_proc= -22
##$OFFSET= 10.001537765010275
##$PHC0= 0.0
##$PHC1= 0.0
##$SF= 499.8595977993542
##$SI= 8192
##$SR= 2500.0
##$SW_p= 5000.0
##$XDIM= 8192
##END=
