##TITLE= Parameter file, TOPSPIN		Version 2.1
##JCAMPDX= 5.0
##DATATYPE= Parameter Values
##NPOINTS= 1	$$ modification sequence number
##ORIGIN= Bruker BioSpin GmbH
##OWNER= bearden
$$ 2011-07-09 18:08:34.580 +0200  bearden@Bruker700
$$ /opt/topspin/data/bmrb/nmr/bmrb_batch1_110709.Auto01/302/pdata/1/proc2
$$ process /opt/topspin/prog/mod/xwish3
##$ABSF1= 1
##$ABSF2= -1
##$ABSG= 5
##$ABSL= 3
##$ALPHA= 0
##$AQORDER= 0
##$ASSFAC= 0
##$ASSFACI= 0
##$ASSFACX= 0
##$ASSWID= 0
##$AUNMP= <>
##$AXLEFT= 0
##$AXNAME= <F1>
##$AXNUC= <off>
##$AXRIGHT= 0
##$AXTYPE= 0
##$AXUNIT= <>
##$AZFE= 0.1
##$AZFW= 0.5
##$BCFW= 1
##$BC_mod= 0
##$BYTORDP= 0
##$COROFFS= 0
##$CY= 15
##$DATMOD= 1
##$DC= 1
##$DFILT= <>
##$DTYPP= 0
##$F1P= 0
##$F2P= 0
##$FCOR= 0.5
##$FTSIZE= 128
##$FT_mod= 0
##$GAMMA= 1
##$GB= 0.1
##$INTBC= 1
##$INTSCL= 1
##$ISEN= 128
##$LB= 0.3
##$LEV0= 0
##$LPBIN= 0
##$MAXI= 10000
##$MC2= 0
##$MEAN= 0
##$ME_mod= 0
##$MI= 1
##$NCOEF= 32
##$NC_proc= 0
##$NLEV= 6
##$NOISF1= 0
##$NOISF2= 0
##$NSP= 1
##$NTH_PI= 0
##$NZP= 1
##$OFFSET= 0.03772137
##$PC= 4
##$PHC0= 0
##$PHC1= 0
##$PH_mod= 2
##$PKNL= yes
##$PPARMOD= 1
##$PPDIAG= 0
##$PPIPTYP= 0
##$PPMPNUM= 100
##$PPRESOL= 1
##$PSCAL= 1
##$PSIGN= 0
##$PYNMP= <proc.py>
##$REVERSE= no
##$SF= 700.13329751001
##$SI= 128
##$SIGF1= 0
##$SIGF2= 0
##$SINO= 16
##$SIOLD= 128
##$SPECTYP= <>
##$SREGLST= <>
##$SSB= 0
##$STSI= 0
##$STSR= 0
##$SW_p= 50.0000001006951
##$SYMM= 0
##$S_DEV= 0
##$TDeff= 0
##$TDoff= 0
##$TI= <>
##$TILT= no
##$TM1= 0.1
##$TM2= 0.9
##$TOPLEV= 0
##$USERP1= <>
##$USERP2= <>
##$USERP3= <>
##$USERP4= <>
##$USERP5= <>
##$WDW= 3
##$XDIM= 64
##$YMAX_p= 0
##$YMIN_p= 0
##END=
