##TITLE= Parameter file, TopSpin 3.6.2
##JCAMPDX= 5.0
##DATATYPE= Parameter Values
##NPOINTS= 82654	$$ modification sequence number
##ORIGIN= Bruker BioSpin GmbH
##OWNER= nmrsu
$$ 2022-12-07 15:36:09.570 +0000  CHEM\nmr-user@GOLDFISH-CRL
$$ C:/Bruker/TopSpin3.6.2/conf/instr/avx500/specpar
$$ process C:\Bruker\TopSpin3.6.2\prog\mod\hconfserver.exe
##$ANCIEN= (0..7)
0 0 0 0 0 0 0 0
##$BF1= 100.13
##$BF2= 100.13
##$BF3= 100.13
##$DEC= 1
##$DECB= 1
##$DEF19F= yes
##$DEFRSEL= yes
##$HPMOD= (0..7)
0 0 0 0 0 0 0 0
##$HPPRECH= (0..15)
-1 -1 -1 -1 -1 -1 -1 -1 -1 -1 -1 -1 -1 -1 -1 -1
##$HPSELECT= no
##$LOCSW19F= -1
##$LOCSW2H= -1
##$NUC1= 14
##$NUC2= 10
##$NUC3= 1
##$NUC4= 0
##$NUC5= 0
##$NUC6= 0
##$NUC7= 0
##$NUC8= 0
##$NUCARR= (0..123)
500.3 500.3 76.799096127 533.639861922 381.125723311 73.624578258 194.435576391
70.301220439 53.750520974 160.516121922 125.80053506 36.141096656 50.694958736
67.822954371 470.752337033 39.495162888 132.3388557 30.626539906 130.362465577
99.395536561 202.525152226 38.403028 49.018938727 40.803092176 23.345864119
12.814208914 33.670335087 121.531610241 28.204582602 28.212102111 49.881455927
131.593648844 28.279437488 124.020457654 16.198603334 118.706551222 44.707063153
132.656911419 142.103676079 31.302785409 120.078774062 152.575010112 17.452039944
85.664437842 95.414779539 26.104263166 125.34506194 135.113609554 19.2495428
48.303679829 163.700431362 21.682111466 24.515690594 46.509378894 122.45427851
32.604180778 33.288436084 112.609154978 23.039570453 25.822329107 15.941794341
22.8942283 20.251238457 23.281625599 106.14104644 111.032454524 109.394372264
109.628882887 163.691901247 178.268191777 186.565031896 119.724676731 64.834962651
130.927219226 157.843494307 100.097452458 139.134360558 41.244336763 65.620058426
49.702088371 55.597978784 66.0110829 70.670581923 153.19186 27.26635 16.81008
20.86251 17.21032 124.37458 54.93294 15.35921 20.16209 120.27212 17.21032
24.11446 106.76402 14.40864 41.47487 87.549027918 24.119463 57.054212 40.679393
20.047021 12.592551 59.9839688 20.844434161 112.6905738 113.8262548 11.418501993
38.8502962 8.595154 9.360613 107.548410352 8.650187 89.607842466 33.077749749
285.7873696 288.592241514 104.665756797 80.394647864 9.2125242 100 100
100
##$NUCOFFS= (0..127)
<19F> <1H> <31P> <29Si> <11B> <2H> <6Li> <13C> <3He> <77Se> <109Ag> <133Cs>
<27Al> <195Pt> <125Te> <14N> <15N> <23Na> <207Pb> <35Cl> <39K> <7Li> <119Sn>
<> <> <> <> <> <> <> <> <> <> <> <> <> <> <> <> <> <> <> <> <> <> <> <>
<> <> <> <> <> <> <> <> <> <> <> <> <> <> <> <> <> <> <> <> <> <> <> <>
<> <> <> <> <> <> <> <> <> <> <> <> <> <> <> <> <> <> <> <> <> <> <> <>
<> <> <> <> <> <> <> <> <> <> <> <> <> <> <> <> <> <> <> <> <> <> <> <>
<> <> <> <> <> <> <> <> <>
##$OBS= 1
##$OFFS= (0..127)
-69647.67 2000.52 0 0 0 0 0 0 0 0 0 0 0 0 0 0 0 0 0 0 0 0 0 0 0 0 0 0 0
0 0 0 0 0 0 0 0 0 0 0 0 0 0 0 0 0 0 0 0 0 0 0 0 0 0 0 0 0 0 0 0 0 0 0 0
0 0 0 0 0 0 0 0 0 0 0 0 0 0 0 0 0 0 0 0 0 0 0 0 0 0 0 0 0 0 0 0 0 0 0 0
0 0 0 0 0 0 0 0 0 0 0 0 0 0 0 0 0 0 0 0 0 0 0 0 0 0 0
##$OFFSF= (0..7)
0 0 0 0 0 0 0 0
##$OFFSH= (0..7)
2350.59999999976 0 0 0 0 0 0 0
##$OFFSX= (0..7)
0 0 0 0 0 0 0 0
##$OFFSXAS= (0..7)
0 0 0 0 0 0 0 0
##$OFSF1= 0
##$OFSF2= 0
##$OFSH1= 0
##$OFSH2= 0
##$OFSH3= 0
##$OFSX1= 0
##$OFSX2= 0
##$OFSY= 0
##$PACOIL= (0..15)
0 0 0 0 0 0 0 0 0 0 0 0 0 0 0 0
##$PRECHAN= (0..15)
-1 3 -1 0 4 1 2 -1 -1 -1 -1 -1 -1 -1 -1 -1
##$RECPRE= (0..15)
-1 0 -1 -1 -1 -1 -1 -1 -1 -1 -1 -1 -1 -1 -1 -1
##$RECPRFX= (0..15)
1 0 0 0 0 0 0 0 0 0 0 0 0 0 0 0
##$RECSEL= (0..15)
0 0 0 1 0 0 0 0 0 0 0 0 0 0 0 0
##$SELREC= (0..9)
0 0 0 0 0 0 0 0 0 0
##$SFO1= 470.675134
##$SFO2= 125.813115
##$SFO3= 500.302001
##$SFO4= 500.271755
##$SFO5= 500.271755
##$SFO6= 500.271755
##$SFO7= 500.271755
##$SFO8= 500.271755
##$TY= (0..123)
0 0 0 0 0 0 0 0 0 0 0 0 0 0 0 0 0 0 0 0 0 0 0 0 0 0 0 0 0 0 0 0 0 0 0 0
0 0 0 0 0 0 0 0 0 0 0 0 0 0 0 0 0 0 0 0 0 0 0 0 0 0 0 0 0 0 0 0 0 0 0 0
0 0 0 0 0 0 0 0 0 0 0 0 0 0 0 0 0 0 0 0 0 0 0 0 0 0 0 0 0 0 0 0 0 0 0 0
0 0 0 0 0 0 0 0 0 0 0 0 0 0 0 0
##END=
