##TITLE= Parameter file, TOPSPIN		Version 3.2
##JCAMPDX= 5.0
##DATATYPE= Parameter Values
##NPOINTS= 5	$$ modification sequence number
##ORIGIN= Bruker BioSpin GmbH
##OWNER= nmrsu
$$ 2016-05-14 14:25:07.210 +0100  nmrsu@b500a
$$ E:/gam_group_data/Research/2016/MF/data/JANUS/nmr/Camphor/2/acqu2
$$ process C:\Bruker\TopSpin3.2\prog\mod\dataserver.exe
##$ACQT0= 0
##$BF1= 500.13
##$FnMODE= 1
##$NUC1= <1H>
##$NusJSP= 0
##$NusT2= 1
##$NusTD= 0
##$O1= 1000
##$SFO1= 500.131
##$SW= 0.099973806862602
##$SW_h= 50
##$TD= 128
##END=
