##TITLE= Parameter file, TopSpin 3.6.4
##JCAMPDX= 5.0
##DATATYPE= Parameter Values
##NPOINTS= 18755	$$ modification sequence number
##ORIGIN= Bruker BioSpin GmbH
##OWNER= nmrsu
$$ 2022-08-23 13:59:35.148 +0100  CHEM\nmr-user@BREAM-CRL
$$ C:/Bruker/TopSpin3.6.4/conf/instr/avb500/specpar
$$ process C:\Bruker\TopSpin3.6.4\prog\mod\hconfserver.exe
##$ANCIEN= (0..7)
0 0 0 0 0 0 0 0
##$BF1= 100.13
##$BF2= 100.13
##$BF3= 100.13
##$DEC= 1
##$DECB= 1
##$DEF19F= yes
##$DEFRSEL= yes
##$HPMOD= (0..7)
0 0 0 0 0 0 0 0
##$HPPRECH= (0..15)
-1 -1 -1 -1 -1 -1 -1 -1 -1 -1 -1 -1 -1 -1 -1 -1
##$HPSELECT= no
##$LOCSW19F= -1
##$LOCSW2H= -1
##$NUC1= 20
##$NUC2= 1
##$NUC3= 0
##$NUC4= 0
##$NUC5= 0
##$NUC6= 0
##$NUC7= 0
##$NUC8= 0
##$NUCARR= (0..123)
499.98 499.98 76.749974179 533.298537205 380.879644205 73.577486783 194.311212241
70.256254637 53.716141268 160.413453205 125.720070996 36.130139737 50.662533418
67.779573709 470.451236198 39.469901141 132.25420962 30.606950673 130.279083628
99.331961563 202.395613852 38.3784648 48.987585418 40.776993855 23.330931725
29.008929596 12.806012739 33.648798994 121.453876651 28.186542493 28.194057193
49.849550938 131.50947941 28.261349501 123.941132156 16.188242444 118.630624585
44.67846779 132.572061905 142.012784261 31.282763639 120.001969729 152.477420659
17.440877337 85.609645477 95.353750697 26.087566456 125.264889204 135.027188696
19.23723048 48.272784011 163.595725909 21.668243236 24.50000996 46.47963074
122.375954766 32.583326615 33.267144261 112.537128335 23.02483397 25.805812726
15.931597711 22.87958478 20.238285436 23.266734293 106.073156904 110.961436365
109.324401849 109.558762474 163.58720125 178.154168548 186.445701874 119.648098885
64.793493157 130.843476052 157.742535046 100.033428503 139.045367963 41.217956216
65.578086772 49.670298109 55.562417414 65.96886114 70.625379872 153.093876
27.24891 16.799328 20.849166 17.199312 124.295028 54.897804 15.349386 20.149194
120.195192 17.199312 24.099036 106.695732 14.399424 41.448342 87.493030139
24.1040358 57.0177192 40.6533738 20.0341986 12.5844966 59.94560208 20.831101723
112.61849508 113.75344968 11.411198534 38.82544692 8.5896564 9.3546258
107.479620643 8.6446542 89.550527836 33.056592683 285.60457536 288.407653232
104.59881088 80.343226142 9.20663172 18.149274 100
##$NUCOFFS= (0..127)
<2H> <13C> <19F> <31P> <1H> <29Si> <14N> <35Cl> <15N> <39K> <119Sn> <>
<> <> <> <> <> <> <> <> <> <> <> <> <> <> <> <> <> <> <> <> <> <> <> <>
<> <> <> <> <> <> <> <> <> <> <> <> <> <> <> <> <> <> <> <> <> <> <> <>
<> <> <> <> <> <> <> <> <> <> <> <> <> <> <> <> <> <> <> <> <> <> <> <>
<> <> <> <> <> <> <> <> <> <> <> <> <> <> <> <> <> <> <> <> <> <> <> <>
<> <> <> <> <> <> <> <> <> <> <> <> <> <> <> <> <> <> <> <>
##$OBS= 1
##$OFFS= (0..127)
0 10057.61 0 0 2499.9 0 0 0 0 0 0 0 0 0 0 0 0 0 0 0 0 0 0 0 0 0 0 0 0 0
0 0 0 0 0 0 0 0 0 0 0 0 0 0 0 0 0 0 0 0 0 0 0 0 0 0 0 0 0 0 0 0 0 0 0 0
0 0 0 0 0 0 0 0 0 0 0 0 0 0 0 0 0 0 0 0 0 0 0 0 0 0 0 0 0 0 0 0 0 0 0 0
0 0 0 0 0 0 0 0 0 0 0 0 0 0 0 0 0 0 0 0 0 0 0 0 0 0
##$OFFSF= (0..7)
0 0 0 0 0 0 0 0
##$OFFSH= (0..7)
0 0 0 0 0 0 0 0
##$OFFSX= (0..7)
0 0 0 0 0 0 0 0
##$OFFSXAS= (0..7)
0 0 0 0 0 0 0 0
##$OFSF1= 0
##$OFSF2= 0
##$OFSH1= 0
##$OFSH2= 0
##$OFSH3= 0
##$OFSX1= 0
##$OFSX2= 0
##$OFSY= 0
##$PACOIL= (0..15)
0 0 0 0 0 0 0 0 0 0 0 0 0 0 0 0
##$PRECHAN= (0..15)
-1 2 -1 0 1 -1 -1 -1 -1 -1 -1 -1 -1 -1 -1 -1
##$RECPRE= (0..15)
-1 0 -1 -1 -1 -1 -1 -1 -1 -1 -1 -1 -1 -1 -1 -1
##$RECPRFX= (0..15)
1 0 0 0 0 0 0 0 0 0 0 0 0 0 0 0
##$RECSEL= (0..15)
0 0 1 0 0 0 0 0 0 0 0 0 0 0 0 0
##$SELREC= (0..9)
0 0 0 0 0 0 0 0 0 0
##$SFO1= 202.395614
##$SFO2= 499.9825
##$SFO3= 499.909277
##$SFO4= 499.909277
##$SFO5= 499.909277
##$SFO6= 499.909277
##$SFO7= 499.909277
##$SFO8= 499.909277
##$TY= (0..123)
0 0 0 0 0 0 0 0 0 0 0 0 0 0 0 0 0 0 0 0 0 0 0 0 0 0 0 0 0 0 0 0 0 0 0 0
0 0 0 0 0 0 0 0 0 0 0 0 0 0 0 0 0 0 0 0 0 0 0 0 0 0 0 0 0 0 0 0 0 0 0 0
0 0 0 0 0 0 0 0 0 0 0 0 0 0 0 0 0 0 0 0 0 0 0 0 0 0 0 0 0 0 0 0 0 0 0 0
0 0 0 0 0 0 0 0 0 0 0 0 0 0 0 0
##END=
